GEM
  remote: https://rubygems.org/
  specs:
    fastimage (2.1.0)
    multi_json (1.12.1)
    mustermann (1.0.0)
    rack (2.0.3)
    rack-protection (2.0.0)
      rack
    sinatra (2.0.0)
      mustermann (~> 1.0)
      rack (~> 2.0)
      rack-protection (= 2.0.0)
      tilt (~> 2.0)
    streamio-ffmpeg (3.0.2)
      multi_json (~> 1.8)
    tilt (2.0.7)

PLATFORMS
  ruby

DEPENDENCIES
  fastimage
  sinatra
  streamio-ffmpeg

BUNDLED WITH
   1.15.0
